PATH
  remote: .
  specs:
    json (2.1.0)

GEM
  remote: https://rubygems.org/
  specs:
    rake (12.3.0)
    test-unit (2.5.5)

PLATFORMS
  ruby

DEPENDENCIES
  json!
  rake
  test-unit (~> 2.0)

BUNDLED WITH
   1.16.1
